GIT
  remote: git://github.com/ryopeko/ruboty-google_calendar.git
  revision: 5f0741ffe5fbfdc5c14bc72f8739f94a33bac24c
  specs:
    ruboty-google_calendar (0.0.1)
      google-api-client
      ruboty (>= 0.2.0)

PATH
  remote: .
  specs:
    pekobot (0.0.1)

GEM
  remote: https://rubygems.org/
  specs:
    activesupport (4.1.1)
      i18n (~> 0.6, >= 0.6.9)
      json (~> 1.7, >= 1.7.7)
      minitest (~> 5.1)
      thread_safe (~> 0.1)
      tzinfo (~> 1.1)
    addressable (2.3.6)
    autoparse (0.3.3)
      addressable (>= 2.3.1)
      extlib (>= 0.9.15)
      multi_json (>= 1.0.0)
    dotenv (0.11.1)
      dotenv-deployment (~> 0.0.2)
    dotenv-deployment (0.0.2)
    extlib (0.9.16)
    faraday (0.9.0)
      multipart-post (>= 1.2, < 3)
    faraday_middleware (0.9.1)
      faraday (>= 0.7.4, < 0.10)
    google-api-client (0.7.1)
      addressable (>= 2.3.2)
      autoparse (>= 0.3.3)
      extlib (>= 0.9.15)
      faraday (>= 0.9.0)
      jwt (>= 0.1.5)
      launchy (>= 2.1.1)
      multi_json (>= 1.0.0)
      retriable (>= 1.4)
      signet (>= 0.5.0)
      uuidtools (>= 2.1.0)
    i18n (0.6.9)
    json (1.8.1)
    jwt (1.0.0)
    launchy (2.4.2)
      addressable (~> 2.3)
    mem (0.1.1)
    minitest (5.3.4)
    multi_json (1.10.1)
    multipart-post (2.0.0)
    rake (10.3.2)
    retriable (1.4.1)
    ruboty (1.0.1)
      activesupport
      bundler
      dotenv
      mem
      slop
    ruboty-google_image (0.0.7)
      faraday
      faraday_middleware
      ruboty
    ruboty-slack (0.1.4)
      ruboty
      xrc (>= 0.0.3)
    ruboty-weather (0.0.5)
      faraday
      faraday_middleware
      ruboty (>= 0.2.0)
    signet (0.5.1)
      addressable (>= 2.2.3)
      faraday (>= 0.9.0.rc5)
      jwt (>= 0.1.5)
      multi_json (>= 1.0.0)
    slop (3.5.0)
    thread_safe (0.3.4)
    tzinfo (1.2.1)
      thread_safe (~> 0.1)
    uuidtools (2.1.4)
    xrc (0.0.5)
      activesupport

PLATFORMS
  ruby

DEPENDENCIES
  bundler (~> 1.6)
  pekobot!
  rake
  ruboty-google_calendar!
  ruboty-google_image
  ruboty-slack
  ruboty-weather
